GEM
  remote: http://rubygems.org/
  specs:
    parseconfig (1.0.2)

PLATFORMS
  x86-mingw32

DEPENDENCIES
  parseconfig
